GEM
  remote: https://gems.ruby-china.com/
  specs:
    json (2.3.0)
    rack (2.0.5)

PLATFORMS
  ruby

DEPENDENCIES
  json (~> 2.3.0)
  rack (~> 2.0.5)

BUNDLED WITH
   1.17.3
