GEM
  remote: https://gems.ruby-china.com/
  specs:
    json (1.8.6)
    rack (2.1.4)

PLATFORMS
  ruby

DEPENDENCIES
  json (~> 1.8.6)
  rack (~> 2.1.4)

BUNDLED WITH
   1.17.3
